PATH
  remote: .
  specs:
    jekyll_project_collator (0.1.0)

GEM
  remote: https://rubygems.org/
  specs:
    minitest (5.10.3)
    rake (12.3.1)

PLATFORMS
  ruby

DEPENDENCIES
  jekyll_project_collator!
  minitest (~> 5.0)
  rake (~> 12.0)

BUNDLED WITH
   2.1.4
